PATH
  remote: .
  specs:
    cocoapods-packager (1.3.0)
      cocoapods (>= 1.0.0, < 2.0)

GEM
  remote: https://rubygems.org/
  specs:
    activesupport (4.2.6)
      i18n (~> 0.7)
      json (~> 1.7, >= 1.7.7)
      minitest (~> 5.1)
      thread_safe (~> 0.3, >= 0.3.4)
      tzinfo (~> 1.1)
    ast (2.2.0)
    bacon (1.2.0)
    claide (1.0.0)
    cocoapods (1.0.0)
      activesupport (>= 4.0.2)
      claide (>= 1.0.0, < 2.0)
      cocoapods-core (= 1.0.0)
      cocoapods-deintegrate (>= 1.0.0, < 2.0)
      cocoapods-downloader (>= 1.0.0, < 2.0)
      cocoapods-plugins (>= 1.0.0, < 2.0)
      cocoapods-search (>= 1.0.0, < 2.0)
      cocoapods-stats (>= 1.0.0, < 2.0)
      cocoapods-trunk (>= 1.0.0, < 2.0)
      cocoapods-try (>= 1.0.0, < 2.0)
      colored (~> 1.2)
      escape (~> 0.0.4)
      fourflusher (~> 0.3.0)
      molinillo (~> 0.4.5)
      nap (~> 1.0)
      xcodeproj (>= 1.0.0, < 2.0)
    cocoapods-core (1.0.0)
      activesupport (>= 4.0.2)
      fuzzy_match (~> 2.0.4)
      nap (~> 1.0)
    cocoapods-deintegrate (1.0.0)
    cocoapods-downloader (1.0.0)
    cocoapods-plugins (1.0.0)
      nap
    cocoapods-search (1.0.0)
    cocoapods-stats (1.0.0)
    cocoapods-trunk (1.0.0)
      nap (>= 0.8, < 2.0)
      netrc (= 0.7.8)
    cocoapods-try (1.0.0)
    colored (1.2)
    coveralls (0.8.2)
      json (~> 1.8)
      rest-client (>= 1.6.8, < 2)
      simplecov (~> 0.10.0)
      term-ansicolor (~> 1.3)
      thor (~> 0.19.1)
    docile (1.1.5)
    domain_name (0.5.24)
      unf (>= 0.0.5, < 1.0.0)
    escape (0.0.4)
    fourflusher (0.3.0)
    fuzzy_match (2.0.4)
    http-cookie (1.0.2)
      domain_name (~> 0.5)
    i18n (0.7.0)
    json (1.8.3)
    metaclass (0.0.4)
    mime-types (2.6.2)
    minitest (5.8.4)
    mocha (0.11.4)
      metaclass (~> 0.0.1)
    mocha-on-bacon (0.2.1)
      mocha (>= 0.9.8)
    molinillo (0.4.5)
    nap (1.1.0)
    netrc (0.7.8)
    parser (2.3.1.0)
      ast (~> 2.2)
    powerpack (0.1.1)
    prettybacon (0.0.2)
      bacon (~> 1.2)
    rainbow (2.1.0)
    rake (10.4.2)
    rest-client (1.8.0)
      http-cookie (>= 1.0.2, < 2.0)
      mime-types (>= 1.16, < 3.0)
      netrc (~> 0.7)
    rubocop (0.40.0)
      parser (>= 2.3.1.0, < 3.0)
      powerpack (~> 0.1)
      rainbow (>= 1.99.1, < 3.0)
      ruby-progressbar (~> 1.7)
      unicode-display_width (~> 1.0, >= 1.0.1)
    ruby-progressbar (1.8.1)
    simplecov (0.10.0)
      docile (~> 1.1.0)
      json (~> 1.8)
      simplecov-html (~> 0.10.0)
    simplecov-html (0.10.0)
    term-ansicolor (1.3.2)
      tins (~> 1.0)
    thor (0.19.1)
    thread_safe (0.3.5)
    tins (1.6.0)
    tzinfo (1.2.2)
      thread_safe (~> 0.1)
    unf (0.1.4)
      unf_ext
    unf_ext (0.0.7.1)
    unicode-display_width (1.0.5)
    xcodeproj (1.0.0)
      activesupport (>= 3)
      claide (>= 1.0.0, < 2.0)
      colored (~> 1.2)

PLATFORMS
  ruby

DEPENDENCIES
  bacon
  bundler (~> 1.3)
  cocoapods-packager!
  coveralls
  mocha (~> 0.11.4)
  mocha-on-bacon
  prettybacon
  rake
  rubocop

BUNDLED WITH
   1.11.2
